GEM
  remote: https://rubygems.org/
  specs:
    concurrent-ruby (1.1.8)
    deep_merge (1.2.1)
    facter (2.5.7)
    fast_gettext (1.8.0)
    hiera (3.7.0)
    hocon (1.3.1)
    httpclient (2.8.3)
    json (2.3.1)
    librarian-puppet (0.9.9)
      json
      thor (~> 0.15)
    locale (2.1.3)
    multi_json (1.15.0)
    puppet (6.13.0)
      concurrent-ruby (~> 1.0)
      deep_merge (~> 1.0)
      facter (> 2.0.1, < 5)
      fast_gettext (~> 1.1)
      hiera (>= 3.2.1, < 4)
      httpclient (~> 2.8)
      locale (~> 2.1)
      multi_json (~> 1.10)
      puppet-resource_api (~> 1.5)
      semantic_puppet (~> 1.0)
    puppet-resource_api (1.8.13)
      hocon (>= 1.0)
    semantic_puppet (1.0.3)
    thor (0.18.1)

PLATFORMS
  ruby

DEPENDENCIES
  librarian-puppet
  puppet (>= 3.2)
